GEM
  remote: http://rubygems.org/
  specs:
    httparty (0.8.1)
      multi_json
      multi_xml
    jruby-rack (1.0.10)
    jruby-rack-standalone-jetty (0.0.1)
      jruby-rack (~> 1.0.10)
    json (1.6.3-java)
    multi_json (1.0.4)
    multi_xml (0.4.1)
    rack (1.3.5)
    rack-protection (1.1.4)
      rack
    sinatra (1.3.1)
      rack (~> 1.3, >= 1.3.4)
      rack-protection (~> 1.1, >= 1.1.2)
      tilt (~> 1.3, >= 1.3.3)
    tilt (1.3.3)

PLATFORMS
  java

DEPENDENCIES
  httparty
  jruby-rack (~> 1.0.10)
  jruby-rack-standalone-jetty
  json
  sinatra
